GEM
  specs:
    dotenv (1.0.2)
    dotenv-rails (1.0.2)
      dotenv (= 1.0.2)

PLATFORMS
  ruby

DEPENDENCIES
  dotenv
  dotenv-rails
